PATH
  remote: .
  specs:
    yarc (0.0.1)
      activesupport (>= 3.0)
      datamapper (~> 1.0.2)
      dm-is-tree (~> 1.0.2)
      dm-postgres-adapter (~> 1.0.2)
      erector (>= 0.8.1)
      i18n (>= 0.5.0)
      rack-cache
      sinatra (= 1.1.0)

GEM
  remote: http://rubygems.org/
  specs:
    activesupport (3.0.3)
    addressable (2.2.2)
    data_objects (0.10.2)
      addressable (~> 2.1)
    datamapper (1.0.2)
      dm-aggregates (= 1.0.2)
      dm-constraints (= 1.0.2)
      dm-core (= 1.0.2)
      dm-migrations (= 1.0.2)
      dm-serializer (= 1.0.2)
      dm-timestamps (= 1.0.2)
      dm-transactions (= 1.0.2)
      dm-types (= 1.0.2)
      dm-validations (= 1.0.2)
    diff-lcs (1.1.2)
    dm-aggregates (1.0.2)
      dm-core (~> 1.0.2)
    dm-constraints (1.0.2)
      dm-core (~> 1.0.2)
      dm-migrations (~> 1.0.2)
    dm-core (1.0.2)
      addressable (~> 2.2)
      extlib (~> 0.9.15)
    dm-do-adapter (1.0.2)
      data_objects (~> 0.10.2)
      dm-core (~> 1.0.2)
    dm-is-tree (1.0.2)
      dm-core (~> 1.0.2)
    dm-migrations (1.0.2)
      dm-core (~> 1.0.2)
    dm-postgres-adapter (1.0.2)
      dm-do-adapter (~> 1.0.2)
      do_postgres (~> 0.10.2)
    dm-serializer (1.0.2)
      dm-core (~> 1.0.2)
      fastercsv (~> 1.5.3)
      json_pure (~> 1.4)
    dm-timestamps (1.0.2)
      dm-core (~> 1.0.2)
    dm-transactions (1.0.2)
      dm-core (~> 1.0.2)
    dm-types (1.0.2)
      dm-core (~> 1.0.2)
      fastercsv (~> 1.5.3)
      json_pure (~> 1.4)
      stringex (~> 1.1.0)
      uuidtools (~> 2.1.1)
    dm-validations (1.0.2)
      dm-core (~> 1.0.2)
    do_postgres (0.10.2)
      data_objects (= 0.10.2)
    erector (0.8.1)
      hoe (>= 1.5.0)
    extlib (0.9.15)
    fastercsv (1.5.4)
    hoe (2.8.0)
      rake (>= 0.8.7)
    i18n (0.5.0)
    json_pure (1.4.6)
    rack (1.2.1)
    rack-cache (1.0)
      rack (>= 0.4)
    rack-test (0.5.6)
      rack (>= 1.0)
    rake (0.8.7)
    rspec (2.4.0)
      rspec-core (~> 2.4.0)
      rspec-expectations (~> 2.4.0)
      rspec-mocks (~> 2.4.0)
    rspec-core (2.4.0)
    rspec-expectations (2.4.0)
      diff-lcs (~> 1.1.2)
    rspec-mocks (2.4.0)
    sinatra (1.1.0)
      rack (~> 1.1)
      tilt (~> 1.1)
    stringex (1.1.0)
    tilt (1.2.1)
    uuidtools (2.1.1)

PLATFORMS
  ruby

DEPENDENCIES
  activesupport (>= 3.0)
  datamapper (~> 1.0.2)
  dm-is-tree (~> 1.0.2)
  dm-postgres-adapter (~> 1.0.2)
  erector (>= 0.8.1)
  i18n (>= 0.5.0)
  rack-cache
  rack-test
  rake
  rspec (>= 2.4.0)
  sinatra (= 1.1.0)
  yarc!
